##TITLE= Parameter file, TopSpin 4.1.4
##JCAMPDX= 5.0
##DATATYPE= Parameter Values
##NPOINTS= 3	$$ modification sequence number
##ORIGIN= Bruker BioSpin GmbH
##OWNER= nmr
$$ 2023-04-27 18:36:21.534 +0200  nmr@NMR-600SpSp
$$ D:/data/nh/nmr/OCP-Karpov-1.1/1//specpar
$$ process C:\Bruker\TopSpin4.1.4\prog\mod\acqdataserver.exe
##$ANCIEN= (0..7)
0 0 0 0 0 0 0 0
##$BF1= 100.13
##$BF2= 100.13
##$BF3= 100.13
##$DEC= 1
##$DECB= 1
##$DEF19F= yes
##$DEFRSEL= yes
##$HPMOD= (0..32)
0 0 0 0 0 0 0 0 0 0 0 0 0 0 0 0 0 0 0 0 0 0 0 0 0 0 0 0 0 0 0 0 0
##$HPPRECH= (0..32)
-1 -1 -1 -1 -1 -1 -1 -1 -1 -1 -1 -1 -1 -1 -1 -1 -1 -1 -1 -1 -1 -1 -1 -1
-1 -1 -1 -1 -1 -1 -1 -1 -1
##$HPSELECT= yes
##$LOCSW19F= -1
##$LOCSW2H= -1
##$NUC1= 113
##$NUC2= 0
##$NUC3= 0
##$NUC4= 0
##$NUC5= 0
##$NUC6= 0
##$NUC7= 0
##$NUC8= 0
##$NUCARR= (0..123)
600.22 600.22 92.137424499 640.218504743 457.241449747 88.328891389 233.268282353
84.341791989 64.485584048 192.574428743 150.925439044 43.373799897 60.819764406
81.368566205 564.771072824 47.383143451 158.76959418 36.743277597 156.39847909
119.246829811 242.973509632 46.0728872 58.8090094 48.952292595 28.008504021
34.82487244 15.373464871 40.394980064 145.803923843 33.837606575 33.846627881
59.84378868 157.875554486 33.927411491 148.78984428 19.433791112 142.414643563
53.635965312 159.151172041 170.484646125 37.554582967 144.060926979 183.047316749
20.937564293 102.773353751 114.471035329 31.317810988 150.378998756 162.09852234
23.09406472 57.950898875 196.394708999 26.012466408 29.411968436 55.798239856
146.910867574 39.115893237 39.936808129 135.099474317 27.641037332 30.979569012
19.125692183 27.46666742 24.295819202 27.931435773 127.339554056 133.207874985
131.242634661 131.523981784 196.384475248 213.87194497 223.82583139 143.636109269
77.783812277 157.076025432 189.368023492 120.088932469 166.922298409 49.481662626
78.725707512 59.628597805 66.702016442 79.19482746 84.78492241 183.787364
32.71199 20.167392 25.029174 20.647568 149.214692 65.904156 18.426754 24.188866
144.292888 20.647568 28.930604 128.086948 17.286336 49.758238 105.034334473
28.9366062 68.4490888 48.8038882 24.0508154 15.1075374 71.96397712 25.007488051
135.19715412 136.55965352 13.699007128 46.60948388 10.3117796 11.2301162
129.027996925 10.3778038 107.504335808 39.684043483 342.86487104 346.229932444
125.569619318 96.451080434 11.05245108 21.787986 100
##$NUCOFFS= (0..127)
<2H> <1H> <13C> <15N> <31P> <19F> <119Sn> <29Si> <11B> <71Ga> <207Pb> <199Hg>
<7Li> <109Ag> <125Te> <63Cu> <77Se> <3H> <27Al> <195Pt> <75As> <6Li> <115Sn>
<117Sn> <> <> <> <> <> <> <> <> <> <> <> <> <> <> <> <> <> <> <> <> <>
<> <> <> <> <> <> <> <> <> <> <> <> <> <> <> <> <> <> <> <> <> <> <> <>
<> <> <> <> <> <> <> <> <> <> <> <> <> <> <> <> <> <> <> <> <> <> <> <>
<> <> <> <> <> <> <> <> <> <> <> <> <> <> <> <> <> <> <> <> <> <> <> <>
<> <> <> <> <> <> <> <> <> <> <>
##$OBS= 1
##$OFFS= (0..127)
0 2822.72 9357.4 0 0 0 0 0 0 0 0 0 0 0 0 0 0 0 0 0 0 0 0 0 0 0 0 0 0 0
0 0 0 0 0 0 0 0 0 0 0 0 0 0 0 0 0 0 0 0 0 0 0 0 0 0 0 0 0 0 0 0 0 0 0 0
0 0 0 0 0 0 0 0 0 0 0 0 0 0 0 0 0 0 0 0 0 0 0 0 0 0 0 0 0 0 0 0 0 0 0 0
0 0 0 0 0 0 0 0 0 0 0 0 0 0 0 0 0 0 0 0 0 0 0 0 0 0
##$OFFSF= (0..7)
0 0 0 0 0 0 0 0
##$OFFSH= (0..7)
0 0 0 0 0 0 0 0
##$OFFSX= (0..7)
0 0 0 0 0 0 0 0
##$OFFSXAS= (0..7)
0 0 0 0 0 0 0 0
##$OFSF1= 0
##$OFSF2= 0
##$OFSH1= 0
##$OFSH2= 0
##$OFSH3= 0
##$OFSX1= 0
##$OFSX2= 0
##$OFSY= 0
##$PACOIL= (0..32)
0 0 0 0 0 0 0 0 0 0 0 0 0 0 0 0 0 0 0 0 0 0 0 0 0 0 0 0 0 0 0 0 0
##$PRECHAN= (0..32)
-1 2 -1 0 1 -1 -1 -1 -1 -1 -1 -1 -1 -1 -1 -1 -1 -1 -1 -1 -1 -1 -1 -1 -1
-1 -1 -1 -1 -1 -1 -1 -1
##$RECPRE= (0..25)
-1 0 2 -1 -1 -1 -1 -1 -1 -1 -1 -1 -1 -1 -1 -1 -1 -1 -1 -1 -1 -1 -1 -1 -1
-1
##$RECPRFX= (0..32)
1 0 1 0 0 0 0 0 0 0 0 0 0 0 0 0 0 0 0 0 0 0 0 0 0 0 0 0 0 0 0 0 0
##$RECSEL= (0..24)
0 1 2 3 4 5 6 7 8 9 10 11 12 13 14 15 16 17 18 19 20 21 22 23 24
##$SELREC= (0..24)
0 0 0 0 0 0 0 0 0 0 0 0 0 0 0 0 0 0 0 0 0 0 0 0 0
##$SFO1= 129.027997
##$SFO2= 600.22
##$SFO3= 600.223706
##$SFO4= 600.223706
##$SFO5= 600.223706
##$SFO6= 600.223706
##$SFO7= 600.223706
##$SFO8= 600.223706
##$TY= (0..123)
0 0 0 0 0 0 0 0 0 0 0 0 0 0 0 0 0 0 0 0 0 0 0 0 0 0 0 0 0 0 0 0 0 0 0 0
0 0 0 0 0 0 0 0 0 0 0 0 0 0 0 0 0 0 0 0 0 0 0 0 0 0 0 0 0 0 0 0 0 0 0 0
0 0 0 0 0 0 0 0 0 0 0 0 0 0 0 0 0 0 0 0 0 0 0 0 0 0 0 0 0 0 0 0 0 0 0 0
0 0 0 0 0 0 0 0 0 0 0 0 0 0 0 0
##END=
